PATH
  remote: .
  specs:
    rquest-rb (0.1.0)
      rb_sys (~> 0.9.39)

GEM
  remote: https://rubygems.org/
  specs:
    minitest (5.25.1)
    power_assert (2.0.5)
    rake (13.2.1)
    rake-compiler (1.2.9)
      rake
    rake-compiler-dock (1.9.1)
    rb_sys (0.9.111)
      rake-compiler-dock (= 1.9.1)
    test-unit (3.6.7)
      power_assert

PLATFORMS
  arm64-darwin-23

DEPENDENCIES
  minitest
  rake (~> 13.2)
  rake-compiler
  rb_sys (~> 0.9)
  rquest-rb!
  test-unit (~> 3.5)

BUNDLED WITH
   2.4.22
