PATH
  remote: .
  specs:
    rquest-rb (0.2.1)
      rb_sys (~> 0.9.39)

GEM
  remote: https://rubygems.org/
  specs:
    addressable (2.8.7)
      public_suffix (>= 2.0.2, < 7.0)
    base64 (0.2.0)
    benchmark-ips (2.14.0)
    curb (1.0.9)
    domain_name (0.6.20240107)
    ethon (0.16.0)
      ffi (>= 1.15.0)
    ffi (1.17.1)
    ffi-compiler (1.3.2)
      ffi (>= 1.15.5)
      rake
    http-2-next (0.5.1)
    http (5.2.0)
      addressable (~> 2.8)
      base64 (~> 0.1)
      http-cookie (~> 1.0)
      http-form_data (~> 2.2)
      llhttp-ffi (~> 0.5.0)
    http-cookie (1.0.8)
      domain_name (~> 0.5)
    http-form_data (2.3.0)
    httpx (0.24.7)
      http-2-next (< 1.0.0)
    llhttp-ffi (0.5.1)
      ffi-compiler (~> 1.0)
      rake (~> 13.0)
    mini_portile2 (2.8.8)
    minitest (5.25.5)
    nokogiri (1.15.7)
      mini_portile2 (~> 2.8.2)
      racc (~> 1.4)
    public_suffix (5.1.1)
    racc (1.8.1)
    rake (13.2.1)
    rake-compiler (1.2.9)
      rake
    rake-compiler-dock (1.9.1)
    rb_sys (0.9.111)
      rake-compiler-dock (= 1.9.1)
    rexml (3.4.1)
    ruby-graphviz (1.2.5)
      rexml
    ruby_memcheck (1.3.2)
      nokogiri
    typhoeus (1.4.1)
      ethon (>= 0.9.0)

PLATFORMS
  ruby

DEPENDENCIES
  benchmark-ips
  curb (~> 1.0)
  http (~> 5.1)
  httpx (~> 0.20)
  minitest
  rake (~> 13.2)
  rake-compiler
  rb_sys (~> 0.9)
  rquest-rb!
  ruby-graphviz (~> 1.2)
  ruby_memcheck (~> 1.0)
  typhoeus (~> 1.4)

BUNDLED WITH
   2.4.22
