PATH
  remote: .
  specs:
    rquest-rb (0.1.0)
      rb_sys (~> 0.9.39)

GEM
  remote: https://rubygems.org/
  specs:
    diff-lcs (1.6.0)
    power_assert (2.0.5)
    rake (13.2.1)
    rake-compiler (1.2.9)
      rake
    rake-compiler-dock (1.9.1)
    rb_sys (0.9.111)
      rake-compiler-dock (= 1.9.1)
    rspec (3.13.0)
      rspec-core (~> 3.13.0)
      rspec-expectations (~> 3.13.0)
      rspec-mocks (~> 3.13.0)
    rspec-core (3.13.3)
      rspec-support (~> 3.13.0)
    rspec-expectations (3.13.3)
      diff-lcs (>= 1.2.0, < 2.0)
      rspec-support (~> 3.13.0)
    rspec-mocks (3.13.2)
      diff-lcs (>= 1.2.0, < 2.0)
      rspec-support (~> 3.13.0)
    rspec-support (3.13.2)
    test-unit (3.6.7)
      power_assert

PLATFORMS
  arm64-darwin-23

DEPENDENCIES
  rake (~> 13.2)
  rake-compiler
  rb_sys (~> 0.9)
  rquest-rb!
  rspec (~> 3.13)
  test-unit (~> 3.5)

BUNDLED WITH
   2.4.22
